GEM
  remote: https://rubygems.org/
  specs:
    sunlight-congress (1.1.0)

PLATFORMS
  ruby

DEPENDENCIES
  sunlight-congress

BUNDLED WITH
   1.16.5
